PATH
  remote: .
  specs:
    carrierwave_asserts (0.1.0)

GEM
  remote: https://rubygems.org/
  specs:
    rake (13.0.1)

PLATFORMS
  ruby

DEPENDENCIES
  bundler (~> 1.16)
  carrierwave_asserts!
  rake (~> 13.0)

BUNDLED WITH
   1.16.1
